PATH
  remote: .
  specs:
    xxd (0.1.0)

GEM
  remote: https://rubygems.org/
  specs:
    minitest (5.11.3)
    rake (13.0.1)

PLATFORMS
  ruby

DEPENDENCIES
  bundler (~> 1.17)
  minitest (~> 5.0)
  rake (~> 13.0)
  xxd!

BUNDLED WITH
   1.17.2
